GEM
  remote: https://rubygems.org/
  specs:
    minitest (5.14.1)
    rake (13.0.3)

PLATFORMS
  ruby

DEPENDENCIES
  minitest (~> 5.14)
  rake (~> 13.0)

BUNDLED WITH
   2.0.2
